PATH
  remote: .
  specs:
    xcres (0.4.4)
      activesupport (>= 3.2.15, < 4)
      clamp (~> 0.6.3)
      colored (~> 1.2)
      libxml-ruby
      xcodeproj (~> 0.18)

GEM
  remote: https://rubygems.org/
  specs:
    activesupport (3.2.22)
      i18n (~> 0.6, >= 0.6.4)
      multi_json (~> 1.0)
    ast (2.0.0)
    bacon (1.2.0)
    claide (0.9.1)
    clamp (0.6.5)
    clintegracon (0.5.2)
      colored (~> 1.2)
      diffy
    coderay (1.1.0)
    colored (1.2)
    diffy (3.0.6)
    i18n (0.7.0)
    inch (0.4.10)
      pry
      sparkr (>= 0.2.0)
      term-ansicolor
      yard (~> 0.8.7)
    libxml-ruby (2.8.0)
    metaclass (0.0.4)
    method_source (0.8.2)
    mocha (1.1.0)
      metaclass (~> 0.0.1)
    mocha-on-bacon (0.2.2)
      mocha (>= 0.13.0)
    multi_json (1.11.2)
    parser (2.2.0.pre.4)
      ast (>= 1.1, < 3.0)
      slop (~> 3.4, >= 3.4.5)
    powerpack (0.0.9)
    prettybacon (0.0.2)
      bacon (~> 1.2)
    pry (0.10.1)
      coderay (~> 1.1.0)
      method_source (~> 0.8.1)
      slop (~> 3.4)
    psych (2.0.5)
    rainbow (2.0.0)
    rake (10.3.2)
    rubocop (0.25.0)
      parser (>= 2.2.0.pre.4, < 3.0)
      powerpack (~> 0.0.6)
      rainbow (>= 1.99.1, < 3.0)
      ruby-progressbar (~> 1.4)
    ruby-progressbar (1.5.1)
    slop (3.6.0)
    sparkr (0.4.1)
    term-ansicolor (1.3.0)
      tins (~> 1.0)
    tins (1.3.2)
    xcodeproj (0.28.2)
      activesupport (>= 3)
      claide (~> 0.9.1)
      colored (~> 1.2)
    yard (0.8.7.4)

PLATFORMS
  ruby

DEPENDENCIES
  bacon (~> 1.1)
  bundler (~> 1.3)
  clintegracon
  inch
  mocha
  mocha-on-bacon
  prettybacon
  psych
  rake
  rubocop
  xcres!

BUNDLED WITH
   1.10.6
